PATH
  remote: .
  specs:
    pygments (0.0.1)

GEM
  remote: http://rubygems.org/
  specs:
    autotest (4.4.2)
    diff-lcs (1.1.2)
    rspec (2.1.0)
      rspec-core (~> 2.1.0)
      rspec-expectations (~> 2.1.0)
      rspec-mocks (~> 2.1.0)
    rspec-core (2.1.0)
    rspec-expectations (2.1.0)
      diff-lcs (~> 1.1.2)
    rspec-mocks (2.1.0)

PLATFORMS
  ruby

DEPENDENCIES
  autotest (~> 4.4)
  pygments!
  rspec (~> 2.1)
